GEM
  remote: http://rubygems.org/
  specs:
    httparty (0.8.3)
      multi_json (~> 1.0)
      multi_xml
    json (1.7.4)
    multi_json (1.3.6)
    multi_xml (0.5.1)
    rebay (1.1.3)
      json

PLATFORMS
  ruby

DEPENDENCIES
  httparty
  rebay
