PATH
  remote: ../ebayapi
  specs:
    ebayapi (0.12.1)
      money (= 1.7.1)
      xml-mapping (= 0.8.1)

GEM
  remote: http://rubygems.org/
  specs:
    httparty (0.8.3)
      multi_json (~> 1.0)
      multi_xml
    json (1.7.4)
    money (1.7.1)
    multi_json (1.3.6)
    multi_xml (0.5.1)
    rebay (1.1.3)
      json
    xml-mapping (0.8.1)

PLATFORMS
  ruby

DEPENDENCIES
  ebayapi!
  httparty
  rebay
  xml-mapping (= 0.8.1)
