GEM
  remote: http://rubygems.org/
  specs:
    ebayapi (0.12.0)
      money (= 1.7.1)
      xml-mapping (>= 0.8.1)
    httparty (0.8.3)
      multi_json (~> 1.0)
      multi_xml
    money (1.7.1)
    multi_json (1.3.6)
    multi_xml (0.5.1)
    xml-mapping (0.8.1)

PLATFORMS
  ruby

DEPENDENCIES
  ebayapi
  httparty
  xml-mapping (= 0.8.1)
