GIT
  remote: git://github.com/saurabhbhatia/ebayapi.git
  revision: 1148c90ba6f553543a5611b05238a2b74e03f820
  specs:
    ebayapi (0.12.2)
      money
      xml-mapping (>= 0.8.1)

GEM
  remote: http://rubygems.org/
  specs:
    httparty (0.8.3)
      multi_json (~> 1.0)
      multi_xml
    i18n (0.6.0)
    json (1.7.4)
    money (5.0.0)
      i18n (~> 0.4)
      json
    multi_json (1.3.6)
    multi_xml (0.5.1)
    rebay (1.1.3)
      json
    xml-mapping (0.8.1)

PLATFORMS
  ruby

DEPENDENCIES
  ebayapi!
  httparty
  rebay
  xml-mapping (= 0.8.1)
